GEM
  remote: https://rubygems.org/
  specs:
    bulldoggy (0.0.5.alpha)
    rake (10.1.1)
    thor (0.18.1)

PLATFORMS
  ruby

DEPENDENCIES
  bulldoggy (~> 0.0.5.alpha)
  rake
  thor
