GEM
  remote: https://rubygems.org/
  specs:
    bulldoggy (0.0.7.alpha)
    bulldoggy-filesystem (0.0.1)
      bulldoggy (~> 0.0.7.alpha)
    rake (12.3.3)
    thor (0.18.1)

PLATFORMS
  ruby

DEPENDENCIES
  bulldoggy (~> 0.0.7.alpha)
  bulldoggy-filesystem
  rake
  thor
